GEM
  remote: https://rubygems.org/
  specs:
    addressable (2.7.0)
      public_suffix (>= 2.0.2, < 5.0)
    concurrent-ruby (1.1.5)
    content_disposition (1.0.0)
    down (5.0.0)
      addressable (~> 2.5)
    dry-configurable (0.9.0)
      concurrent-ruby (~> 1.0)
      dry-core (~> 0.4, >= 0.4.7)
    dry-core (0.4.9)
      concurrent-ruby (~> 1.0)
    dry-equalizer (0.3.0)
    dry-events (0.2.0)
      concurrent-ruby (~> 1.0)
      dry-core (~> 0.4)
      dry-equalizer (~> 0.2)
    dry-monitor (0.3.1)
      dry-configurable (~> 0.5)
      dry-core (~> 0.4)
      dry-equalizer (~> 0.2)
      dry-events (~> 0.1)
    erubi (1.9.0)
    fastimage (2.1.7)
    ffi (1.11.3)
    forme (1.10.0)
    image_processing (1.9.3)
      mini_magick (>= 4.9.5, < 5)
      ruby-vips (>= 2.0.13, < 3)
    marcel (0.3.3)
      mimemagic (~> 0.3.2)
    mimemagic (0.3.3)
    mini_magick (4.9.5)
    nio4r (2.5.2)
    pg (1.1.4)
    public_suffix (4.0.1)
    puma (4.3.5)
      nio4r (~> 2.0)
    rack (2.2.3)
    roda (3.26.0)
      rack
    ruby-vips (2.0.16)
      ffi (~> 1.9)
    sequel (5.26.0)
    shrine (3.1.0)
      content_disposition (~> 1.0)
      down (~> 5.0)
    sucker_punch (2.1.2)
      concurrent-ruby (~> 1.0)
    tilt (2.0.10)

PLATFORMS
  ruby

DEPENDENCIES
  dry-monitor
  erubi
  fastimage
  forme
  image_processing (~> 1.8)
  marcel
  pg (~> 1.0)
  puma (~> 4.3)
  roda (~> 3.0)
  sequel (~> 5.0)
  shrine (~> 3.0)
  sucker_punch (~> 2.0)
  tilt (~> 2.0)

BUNDLED WITH
   2.1.2
